GEM
  remote: https://rubygems.org/
  specs:
    activesupport (6.1.7.10)
      concurrent-ruby (~> 1.0, >= 1.0.2)
      i18n (>= 1.6, < 2)
      minitest (>= 5.1)
      tzinfo (~> 2.0)
      zeitwerk (~> 2.3)
    addressable (2.8.7)
      public_suffix (>= 2.0.2, < 7.0)
    concurrent-ruby (1.3.5)
    conjur-api (5.4.1)
      activesupport (>= 4.2)
      addressable (~> 2.0)
      rest-client
    conjur-cli (6.2.6)
      activesupport (~> 6.0)
      conjur-api (~> 5.3)
      deep_merge (~> 1.0)
      gli (>= 2.8.0)
      highline (~> 2.0)
      netrc (~> 0.10)
      table_print (~> 1.5)
      xdg (= 2.2.3)
    deep_merge (1.2.2)
    domain_name (0.6.20240107)
    gli (2.22.1)
      ostruct
    highline (2.1.0)
    http-accept (1.7.0)
    http-cookie (1.0.8)
      domain_name (~> 0.5)
    i18n (1.14.7)
      concurrent-ruby (~> 1.0)
    logger (1.6.5)
    mime-types (3.6.0)
      logger
      mime-types-data (~> 3.2015)
    mime-types-data (3.2025.0107)
    minitest (5.25.4)
    netrc (0.11.0)
    nio4r (2.7.4)
    ostruct (0.6.1)
    public_suffix (6.0.1)
    puma (6.5.0)
      nio4r (~> 2.0)
    rack (3.1.8)
    rest-client (2.1.0)
      http-accept (>= 1.7.0, < 2.0)
      http-cookie (>= 1.0.2, < 2.0)
      mime-types (>= 1.16, < 4.0)
      netrc (~> 0.8)
    roda (3.88.0)
      rack
    table_print (1.5.7)
    tzinfo (2.0.6)
      concurrent-ruby (~> 1.0)
    xdg (2.2.3)
    zeitwerk (2.7.1)

PLATFORMS
  arm64-darwin-23
  x86_64-linux

DEPENDENCIES
  conjur-api
  conjur-cli
  puma
  roda

RUBY VERSION
   ruby 3.2.2p53

BUNDLED WITH
   2.4.10
